GEM
  remote: http://gems.github.com/
  remote: http://rubygems.org/
  specs:
    RedCloth (4.2.3)
    abstract (1.0.0)
    actionpack (3.0.3)
      activemodel (= 3.0.3)
      activesupport (= 3.0.3)
      builder (~> 2.1.2)
      erubis (~> 2.6.6)
      i18n (~> 0.4)
      rack (~> 1.2.1)
      rack-mount (~> 0.6.13)
      rack-test (~> 0.5.6)
      tzinfo (~> 0.3.23)
    activemodel (3.0.3)
      activesupport (= 3.0.3)
      builder (~> 2.1.2)
      i18n (~> 0.4)
    activesupport (3.0.3)
    builder (2.1.2)
    capistrano (2.5.19)
      highline
      net-scp (>= 1.0.0)
      net-sftp (>= 2.0.0)
      net-ssh (>= 2.0.14)
      net-ssh-gateway (>= 1.0.0)
    classifier (1.3.3)
      fast-stemmer (>= 1.0.0)
    cmdparse (2.0.3)
    compass (0.10.6)
      haml (>= 3.0.4)
    directory_watcher (1.3.2)
    erubis (2.6.6)
      abstract (>= 1.0.0)
    fast-stemmer (1.0.0)
    haml (3.0.25)
    henrik-jekyll (0.5.2)
      RedCloth (>= 4.0.4)
      classifier (>= 1.3.1)
      directory_watcher (>= 1.1.1)
      liquid (>= 1.9.0)
      maruku (>= 0.5.9)
      open4 (>= 0.9.6)
    highline (1.6.1)
    hpricot (0.8.3)
    i18n (0.5.0)
    juicer (1.0.9)
      cmdparse
      nokogiri
      rubyzip
    liquid (2.2.2)
    maruku (0.6.0)
      syntax (>= 1.0.0)
    net-scp (1.0.4)
      net-ssh (>= 1.99.1)
    net-sftp (2.0.5)
      net-ssh (>= 2.0.9)
    net-ssh (2.1.0)
    net-ssh-gateway (1.0.1)
      net-ssh (>= 1.99.1)
    nokogiri (1.4.4)
    open4 (1.0.1)
    rack (1.2.1)
    rack-mount (0.6.13)
      rack (>= 1.0.0)
    rack-test (0.5.7)
      rack (>= 1.0)
    rcov (0.9.9)
    rubyzip (0.9.4)
    syntax (1.0.0)
    tzinfo (0.3.24)

PLATFORMS
  ruby

DEPENDENCIES
  actionpack
  capistrano
  compass
  haml
  henrik-jekyll (= 0.5.2)
  highline
  hpricot
  juicer
  rcov
